PATH
  remote: .
  specs:
    wolfram (0.1.2)
      nokogiri (>= 1.4.3)
      rake

GEM
  remote: https://rubygems.org/
  specs:
    bacon (1.1.0)
    bacon-bits (0.1.0)
      bacon (>= 1.1.0)
    bacon-rr (0.1.0)
      bacon (>= 1.1.0)
      rr (>= 1.0)
    nokogiri (1.5.5)
    rake (0.9.2.2)
    rr (1.0.4)

PLATFORMS
  ruby

DEPENDENCIES
  bacon (>= 1.1.0)
  bacon-bits
  bacon-rr
  rr
  wolfram!
